GEM
  remote: https://rubygems.org/
  specs:
    zeitwerk (2.6.13)

PLATFORMS
  ruby
  x86_64-linux

DEPENDENCIES
  zeitwerk (= 2.6.13)

BUNDLED WITH
   2.5.3
